PATH
  remote: .
  specs:
    todolist_app (1.0.0)

GEM
  remote: https://rubygems.org/
  specs:
    ansi (1.5.0)
    builder (3.2.4)
    docile (1.4.0)
    minitest (5.14.4)
    minitest-reporters (1.3.8)
      ansi
      builder
      minitest (>= 5.0)
      ruby-progressbar
    rake (13.0.6)
    ruby-progressbar (1.11.0)
    simplecov (0.21.2)
      docile (~> 1.1)
      simplecov-html (~> 0.11)
      simplecov_json_formatter (~> 0.1)
    simplecov-html (0.12.3)
    simplecov_json_formatter (0.1.3)
    stamp (0.6.0)

PLATFORMS
  x86_64-darwin-20

DEPENDENCIES
  minitest (~> 5.14.4)
  minitest-reporters (~> 1.3.8)
  rake
  simplecov (~> 0.21.2)
  stamp
  todolist_app!

RUBY VERSION
   ruby 3.0.2p107

BUNDLED WITH
   2.2.26
